GEM
  remote: https://rubygems.org/
  specs:
    nio4r (2.7.4)
    puma (6.5.0)
      nio4r (~> 2.0)
    rack (1.6.10)
    rack-protection (1.5.5)
      rack
    rake (11.3.0)
    sinatra (1.4.8)
      rack (~> 1.5)
      rack-protection (~> 1.4)
      tilt (>= 1.3, < 3)
    tilt (2.0.8)

PLATFORMS
  ruby

DEPENDENCIES
  puma
  rake (~> 11.3)
  sinatra (~> 1.4, >= 1.4.8)

RUBY VERSION
   ruby 3.4.1p0

BUNDLED WITH
   2.6.2
